GEM
  remote: https://rubygems.org/
  specs:
    json (1.8.3)
    mustermann (1.0.1)
    quotifier (0.0.2)
    rack (2.0.3)
    rack-protection (2.0.0)
      rack
    sinatra (2.0.0)
      mustermann (~> 1.0)
      rack (~> 2.0)
      rack-protection (= 2.0.0)
      tilt (~> 2.0)
    tilt (2.0.8)

PLATFORMS
  ruby

DEPENDENCIES
  json
  quotifier
  sinatra

BUNDLED WITH
   1.11.2
